GIT
  remote: git://github.com/leonard-lab/BelugaIPC.git
  revision: 33663b25777c8a7f5383f88114323e84ae34da3f
  specs:
    beluga_ipc (0.1.1)

GEM
  specs:

PLATFORMS
  ruby

DEPENDENCIES
  beluga_ipc (= 0.1.1)!
